PATH
  remote: .
  specs:
    activegraph-translations (0.1.0)
      activegraph (~> 10.0.0.pre.beta)
      activesupport (>= 6, < 8)

GEM
  remote: https://rubygems.org/
  specs:
    activegraph (10.0.2)
      activemodel (>= 4.0)
      activesupport (>= 4.0)
      i18n (!= 1.3.0)
      orm_adapter (~> 0.5.0)
    activemodel (7.0.4.1)
      activesupport (= 7.0.4.1)
    activesupport (7.0.4.1)
      concurrent-ruby (~> 1.0, >= 1.0.2)
      i18n (>= 1.6, < 2)
      minitest (>= 5.1)
      tzinfo (~> 2.0)
    concurrent-ruby (1.1.10)
    diff-lcs (1.3)
    i18n (1.12.0)
      concurrent-ruby (~> 1.0)
    minitest (5.17.0)
    orm_adapter (0.5.0)
    rake (10.5.0)
    rspec (3.9.0)
      rspec-core (~> 3.9.0)
      rspec-expectations (~> 3.9.0)
      rspec-mocks (~> 3.9.0)
    rspec-core (3.9.1)
      rspec-support (~> 3.9.1)
    rspec-expectations (3.9.0)
      diff-lcs (>= 1.2.0, < 2.0)
      rspec-support (~> 3.9.0)
    rspec-mocks (3.9.1)
      diff-lcs (>= 1.2.0, < 2.0)
      rspec-support (~> 3.9.0)
    rspec-support (3.9.2)
    tzinfo (2.0.5)
      concurrent-ruby (~> 1.0)

PLATFORMS
  ruby

DEPENDENCIES
  activegraph-translations!
  bundler (~> 1.17)
  rake (~> 10.0)
  rspec (~> 3.0)

BUNDLED WITH
   1.17.3
